GEM
  remote: https://rubygems.org/
  specs:
    power_assert (0.4.1)
    rr (1.2.0)
    test-unit (3.2.3)
      power_assert
    test-unit-rr (1.0.5)
      rr (>= 1.1.1)
      test-unit (>= 2.5.2)

PLATFORMS
  ruby

DEPENDENCIES
  test-unit (= 3.2.3)
  test-unit-rr (= 1.0.5)

BUNDLED WITH
   1.13.7
